PATH
  remote: .
  specs:
    whatthedoc (0.0.0-java)
      hash_dot (= 2.4.1)
      nokogiri (= 1.10.3)

GEM
  remote: https://rubygems.org/
  specs:
    diff-lcs (1.3)
    hash_dot (2.4.1)
    jar-dependencies (0.4.0)
    nokogiri (1.10.3-java)
    rake (12.3.2)
    rspec (3.8.0)
      rspec-core (~> 3.8.0)
      rspec-expectations (~> 3.8.0)
      rspec-mocks (~> 3.8.0)
    rspec-core (3.8.0)
      rspec-support (~> 3.8.0)
    rspec-expectations (3.8.3)
      diff-lcs (>= 1.2.0, < 2.0)
      rspec-support (~> 3.8.0)
    rspec-its (1.3.0)
      rspec-core (>= 3.0.0)
      rspec-expectations (>= 3.0.0)
    rspec-mocks (3.8.0)
      diff-lcs (>= 1.2.0, < 2.0)
      rspec-support (~> 3.8.0)
    rspec-support (3.8.0)

PLATFORMS
  java

DEPENDENCIES
  jar-dependencies (= 0.4.0)
  rake (= 12.3.2)
  rspec (= 3.8.0)
  rspec-its (= 1.3.0)
  whatthedoc!

BUNDLED WITH
   2.0.1
